GEM
  remote: http://rubygems.org/
  specs:
    activesupport (3.1.3)
      multi_json (~> 1.0)
    addressable (2.2.6)
    escape_utils (0.2.4)
    faraday (0.7.5)
      addressable (~> 2.2.6)
      multipart-post (~> 1.1.3)
      rack (>= 1.1.0, < 2)
    highline (1.6.2)
    multi_json (1.0.4)
    multipart-post (1.1.4)
    rack (1.3.5)
    simple_oauth (0.1.5)
    twitter (2.0.0)
      activesupport (~> 3.0)
      faraday (~> 0.7)
      multi_json (~> 1.0)
      simple_oauth (~> 0.1)
      twitter-text (~> 1.4)
    twitter-text (1.4.13)
      activesupport

PLATFORMS
  ruby

DEPENDENCIES
  escape_utils
  highline
  twitter
